GEM
  remote: http://rubygems.org/
  specs:
    bluecloth (2.1.0)
    classifier (1.3.3)
      fast-stemmer (>= 1.0.0)
    directory_watcher (1.4.0)
    fast-stemmer (1.0.0)
    formatador (0.1.3)
    gli (1.2.6)
    jekyll (0.10.0)
      classifier (>= 1.3.1)
      directory_watcher (>= 1.1.1)
      liquid (>= 1.9.0)
      maruku (>= 0.5.9)
    json (2.2.0)
    kramdown (0.13.2)
    liquid (2.2.2)
    maruku (0.6.0)
      syntax (>= 1.0.0)
    mini_portile2 (2.4.0)
    mustermann (1.0.3)
    nokogiri (1.10.3)
      mini_portile2 (~> 2.4.0)
    rack (2.0.7)
    rack-protection (2.0.5)
      rack
    showoff (0.4.1)
      bluecloth
      gli (>= 1.2.5)
      json
      nokogiri
      sinatra
    sinatra (2.0.5)
      mustermann (~> 1.0)
      rack (~> 2.0)
      rack-protection (= 2.0.5)
      tilt (~> 2.0)
    syntax (1.0.0)
    tilt (2.0.9)

PLATFORMS
  ruby

DEPENDENCIES
  bundler
  formatador
  jekyll
  kramdown
  showoff
