GEM
  remote: http://rubygems.org/
  specs:
    formatador (0.1.3)
    kramdown (0.13.2)

PLATFORMS
  ruby

DEPENDENCIES
  bundler
  formatador
  kramdown
